PATH
  remote: .
  specs:
    olelo (0.9.13)
      RedCloth (~> 4.2.9)
      creole (~> 0.5.0)
      evaluator (~> 0.1.6)
      mimemagic (~> 0.2.0)
      moneta (~> 0.7.0)
      multi_json (~> 1.6.0)
      nokogiri (~> 1.5.5)
      rack (~> 1.5.0)
      redcarpet (~> 2.2.2)
      rouge (~> 0.2.13)
      rugged (~> 0.17.0.b7)
      slim (~> 2.0.0.pre.5)

GEM
  remote: https://rubygems.org/
  specs:
    RedCloth (4.2.9)
    bacon (1.1.0)
    creole (0.5.0)
    evaluator (0.1.6)
    mimemagic (0.2.0)
    moneta (0.7.15)
    multi_json (1.6.1)
    nokogiri (1.5.9)
    rack (1.5.2)
    rack-test (0.6.2)
      rack (>= 1.0)
    rake (10.0.4)
    redcarpet (2.2.2)
    rouge (0.2.15)
      thor
    rugged (0.17.0.b7)
    sass (3.2.8)
    slim (2.0.0.pre.8)
      temple (~> 0.6.4)
      tilt (~> 1.3.6)
    temple (0.6.4)
    thor (0.18.1)
    tilt (1.3.7)

PLATFORMS
  ruby

DEPENDENCIES
  bacon (~> 1.1.0)
  olelo!
  rack-test (~> 0.6.2)
  rake (>= 0.8.7)
  sass (~> 3.2.3)

